GEM
  remote: https://rubygems.org/
  specs:
    ffi (1.9.10)
    pi_piper (1.3.2)
      ffi

PLATFORMS
  ruby

DEPENDENCIES
  pi_piper

BUNDLED WITH
   1.11.2
