GEM
  remote: https://rubygems.org/
  specs:
    ffi (1.9.10)
    pi_piper (1.3.2)
      ffi
    sqlite3 (1.3.11)

PLATFORMS
  ruby

DEPENDENCIES
  pi_piper
  sqlite3

BUNDLED WITH
   1.11.2
